GEM
  remote: https://rubygems.org/
  specs:
    aws-sdk (2.6.2)
      aws-sdk-resources (= 2.6.2)
    aws-sdk-core (2.6.2)
      jmespath (~> 1.0)
    aws-sdk-resources (2.6.2)
      aws-sdk-core (= 2.6.2)
    hashie (3.4.6)
    jmespath (1.3.1)
    rake (10.4.2)
    trollop (2.1.2)

PLATFORMS
  ruby

DEPENDENCIES
  aws-sdk (= 2.6.2)
  hashie (= 3.4.6)
  rake
  trollop (= 2.1.2)

BUNDLED WITH
   1.13.6
