GEM
  remote: https://rubygems.org/
  specs:
    aws-sdk (2.6.2)
      aws-sdk-resources (= 2.6.2)
    aws-sdk-core (2.6.2)
      jmespath (~> 1.0)
    aws-sdk-resources (2.6.2)
      aws-sdk-core (= 2.6.2)
    hashie (3.4.6)
    jmespath (1.3.1)
    json-compare (0.1.8)
    rake (10.4.2)
    trollop (2.1.2)
    yajl-ruby (1.3.0)

PLATFORMS
  ruby

DEPENDENCIES
  aws-sdk (= 2.6.2)
  hashie (= 3.4.6)
  json-compare (= 0.1.8)
  rake
  trollop (= 2.1.2)
  yajl-ruby (= 1.3.0)

BUNDLED WITH
   1.13.6
